GEM
  remote: https://rubygems.org/
  specs:
    benchmark-ips (2.3.0)
    coderay (1.1.3)
    erubi (1.11.0)
    haml (5.2.0)
      temple (>= 0.8.0)
      tilt
    hamlit (3.0.1)
      temple (>= 0.8.2)
      thor
      tilt
    maxitest (4.1.0)
      minitest (>= 5.0.0, < 5.15.0)
    method_source (1.0.0)
    minitest (5.14.4)
    pry (0.14.1)
      coderay (~> 1.1)
      method_source (~> 1.0)
    slim (4.1.0)
      temple (>= 0.7.6, < 0.9)
      tilt (>= 2.0.6, < 2.1)
    temple (0.8.2)
    thor (1.2.1)
    tilt (2.0.11)

PLATFORMS
  arm64-darwin-21

DEPENDENCIES
  benchmark-ips (= 2.3.0)
  erubi
  haml (= 5.2.0)
  hamlit
  maxitest
  pry
  slim

BUNDLED WITH
   2.3.22
